PATH
  remote: .
  specs:
    sdp (0.2.4)
      parslet (>= 1.1.0)

GEM
  remote: http://rubygems.org/
  specs:
    Saikuro (1.1.0)
    activesupport (3.1.3)
      multi_json (~> 1.0)
    blankslate (2.1.2.4)
    builder (3.0.0)
    chronic (0.3.0)
    churn (0.0.13)
      chronic (>= 0.2.3)
      hirb
      json_pure
      main
      ruby_parser (~> 2.0.4)
      sexp_processor (~> 3.0.3)
    code_statistics (0.2.13)
    colored (1.2)
    cucumber (1.1.3)
      builder (>= 2.1.2)
      diff-lcs (>= 1.1.2)
      gherkin (~> 2.6.7)
      json (>= 1.4.6)
      term-ansicolor (>= 1.0.6)
    diff-lcs (1.1.3)
    erubis (2.7.0)
    flay (1.4.3)
      ruby_parser (~> 2.0)
      sexp_processor (~> 3.0)
    flog (2.5.3)
      ruby_parser (~> 2.0)
      sexp_processor (~> 3.0)
    gherkin (2.6.8)
      json (>= 1.4.6)
    gherkin (2.6.8-java)
      json (>= 1.4.6)
    hirb (0.6.0)
    i18n (0.6.0)
    json (1.6.3)
    json (1.6.3-java)
    json_pure (1.6.3)
    main (4.7.1)
    metric_fu (2.1.1)
      Saikuro (>= 1.1.0)
      activesupport (>= 2.0.0)
      chronic (~> 0.3.0)
      churn (>= 0.0.7)
      flay (>= 1.2.1)
      flog (>= 2.3.0)
      rails_best_practices (>= 0.6.4)
      rcov (>= 0.8.3.3)
      reek (>= 1.2.6)
      roodi (>= 2.1.0)
      syntax
    multi_json (1.0.4)
    parslet (1.2.3)
      blankslate (~> 2.0)
    progressbar (0.9.2)
    rails_best_practices (1.5.3)
      activesupport
      colored
      erubis
      i18n
      progressbar
      sexp_processor
    rake (0.9.2.2)
    rcov (0.9.11)
    rcov (0.9.11-java)
    reek (1.2.8)
      ruby2ruby (~> 1.2)
      ruby_parser (~> 2.0)
      sexp_processor (~> 3.0)
    roodi (2.1.0)
      ruby_parser
    rspec (2.7.0)
      rspec-core (~> 2.7.0)
      rspec-expectations (~> 2.7.0)
      rspec-mocks (~> 2.7.0)
    rspec-core (2.7.1)
    rspec-expectations (2.7.0)
      diff-lcs (~> 1.1.2)
    rspec-mocks (2.7.0)
    ruby2ruby (1.3.1)
      ruby_parser (~> 2.0)
      sexp_processor (~> 3.0)
    ruby_parser (2.0.6)
      sexp_processor (~> 3.0)
    sexp_processor (3.0.8)
    syntax (1.0.0)
    term-ansicolor (1.0.7)
    yard (0.7.3)

PLATFORMS
  java
  ruby

DEPENDENCIES
  bundler (> 1.0.0)
  code_statistics (~> 0.2.13)
  cucumber (~> 1.1.0)
  metric_fu (>= 2.1.0)
  rake
  rspec (>= 2.6.0)
  sdp!
  yard (>= 0.6.0)
