PATH
  remote: .
  specs:
    sdp (0.2.0)
      parslet (~> 1.0.0)

GEM
  remote: http://rubygems.org/
  specs:
    Saikuro (1.1.0)
    abstract (1.0.0)
    activesupport (3.0.3)
    arrayfields (4.7.4)
    blankslate (2.1.2.3)
    chronic (0.2.3)
      hoe (>= 1.2.1)
    churn (0.0.13)
      chronic (>= 0.2.3)
      hirb
      json_pure
      main
      ruby_parser (~> 2.0.4)
      sexp_processor (~> 3.0.3)
    code_statistics (0.2.13)
    colored (1.2)
    diff-lcs (1.1.2)
    erubis (2.6.6)
      abstract (>= 1.0.0)
    fattr (2.2.0)
    flay (1.4.1)
      ruby_parser (~> 2.0)
      sexp_processor (~> 3.0)
    flog (2.5.0)
      ruby_parser (~> 2.0)
      sexp_processor (~> 3.0)
    git (1.2.5)
    haml (3.0.25)
    hirb (0.3.6)
    hoe (2.8.0)
      rake (>= 0.8.7)
    i18n (0.5.0)
    infinity_test (1.0.2)
      notifiers (>= 1.1.0)
      watchr (>= 0.7)
    jeweler (1.5.2)
      bundler (~> 1.0.0)
      git (>= 1.2.5)
      rake
    json_pure (1.4.6)
    main (4.4.0)
      arrayfields (>= 4.7.4)
      fattr (>= 2.1.0)
    metric_fu (2.0.1)
      Saikuro (>= 1.1.0)
      activesupport (>= 2.0.0)
      chronic (~> 0.2.3)
      churn (>= 0.0.7)
      flay (>= 1.2.1)
      flog (>= 2.2.0)
      rails_best_practices (>= 0.3.16)
      rcov (>= 0.8.3.3)
      reek (>= 1.2.6)
      roodi (>= 2.1.0)
    notifiers (1.1.0)
    ore-core (0.1.1)
    ore-tasks (0.3.0)
      ore-core (~> 0.1.0)
    parslet (1.0.1)
      blankslate (~> 2.1.2.3)
    rails_best_practices (0.6.5)
      activesupport
      colored (~> 1.2)
      erubis (~> 2.6.6)
      haml (~> 3.0.18)
      i18n
      ruby-progressbar (~> 0.0.9)
      ruby_parser (~> 2.0.4)
    rake (0.8.7)
    rcov (0.9.9)
    reek (1.2.8)
      ruby2ruby (~> 1.2)
      ruby_parser (~> 2.0)
      sexp_processor (~> 3.0)
    roodi (2.1.0)
      ruby_parser
    rspec (2.3.0)
      rspec-core (~> 2.3.0)
      rspec-expectations (~> 2.3.0)
      rspec-mocks (~> 2.3.0)
    rspec-core (2.3.1)
    rspec-expectations (2.3.0)
      diff-lcs (~> 1.1.2)
    rspec-mocks (2.3.0)
    ruby-progressbar (0.0.9)
    ruby2ruby (1.2.5)
      ruby_parser (~> 2.0)
      sexp_processor (~> 3.0)
    ruby_parser (2.0.5)
      sexp_processor (~> 3.0)
    sexp_processor (3.0.5)
    watchr (0.7)
    yard (0.6.4)

PLATFORMS
  ruby

DEPENDENCIES
  bundler (~> 1.0.0)
  code_statistics (~> 0.2.13)
  infinity_test
  jeweler (~> 1.5.0)
  metric_fu
  ore-core (~> 0.1.0)
  ore-tasks (~> 0.3.0)
  parslet (~> 1.0.0)
  rake (~> 0.8.7)
  rspec (~> 2.3.0)
  sdp!
  yard (~> 0.6.0)
