PATH
  remote: .
  specs:
    sdp (0.1.0)

GEM
  remote: http://rubygems.org/
  specs:
    diff-lcs (1.1.2)
    git (1.2.5)
    infinity_test (1.0.2)
      notifiers (>= 1.1.0)
      watchr (>= 0.7)
    jeweler (1.5.2)
      bundler (~> 1.0.0)
      git (>= 1.2.5)
      rake
    notifiers (1.1.0)
    ore-core (0.1.0)
    ore-tasks (0.3.0)
      ore-core (~> 0.1.0)
    rake (0.8.7)
    rspec (2.3.0)
      rspec-core (~> 2.3.0)
      rspec-expectations (~> 2.3.0)
      rspec-mocks (~> 2.3.0)
    rspec-core (2.3.1)
    rspec-expectations (2.3.0)
      diff-lcs (~> 1.1.2)
    rspec-mocks (2.3.0)
    watchr (0.7)
    yard (0.6.4)

PLATFORMS
  ruby

DEPENDENCIES
  bundler (~> 1.0.0)
  infinity_test
  jeweler (~> 1.5.0)
  ore-core (~> 0.1.0)
  ore-tasks (~> 0.3.0)
  rake (~> 0.8.7)
  rspec (~> 2.3.0)
  sdp!
  yard (~> 0.6.0)
