PATH
  remote: .
  specs:
    sdp (0.2.6)
      parslet (>= 1.1.0)

GEM
  remote: http://rubygems.org/
  specs:
    blankslate (2.1.2.4)
    builder (3.0.0)
    code_statistics (0.2.13)
    cucumber (1.1.3)
      builder (>= 2.1.2)
      diff-lcs (>= 1.1.2)
      gherkin (~> 2.6.7)
      json (>= 1.4.6)
      term-ansicolor (>= 1.0.6)
    diff-lcs (1.1.3)
    gherkin (2.6.8)
      json (>= 1.4.6)
    gherkin (2.6.8-java)
      json (>= 1.4.6)
    json (1.6.3)
    json (1.6.3-java)
    multi_json (1.0.4)
    parslet (1.2.3)
      blankslate (~> 2.0)
    rake (0.9.2.2)
    rspec (2.7.0)
      rspec-core (~> 2.7.0)
      rspec-expectations (~> 2.7.0)
      rspec-mocks (~> 2.7.0)
    rspec-core (2.7.1)
    rspec-expectations (2.7.0)
      diff-lcs (~> 1.1.2)
    rspec-mocks (2.7.0)
    simplecov (0.5.4)
      multi_json (~> 1.0.3)
      simplecov-html (~> 0.5.3)
    simplecov-html (0.5.3)
    term-ansicolor (1.0.7)
    yard (0.7.3)

PLATFORMS
  java
  ruby

DEPENDENCIES
  bundler (> 1.0.0)
  code_statistics (~> 0.2.13)
  cucumber (~> 1.1.0)
  rake
  rspec (>= 2.6.0)
  sdp!
  simplecov (>= 0.5.0)
  yard (>= 0.6.0)
